PATH
  remote: .
  specs:
    mingo (2.0.0.pre)
      activesupport (~> 3.0)
      bson_ext (~> 1.5.2)
      mongo (~> 1.5.2)

GEM
  remote: http://rubygems.org/
  specs:
    activesupport (3.2.7)
      i18n (~> 0.6)
      multi_json (~> 1.0)
    bson (1.5.2)
    bson_ext (1.5.2)
      bson (= 1.5.2)
    columnize (0.3.6)
    debugger (1.2.0)
      columnize (>= 0.3.1)
      debugger-linecache (~> 1.1.1)
      debugger-ruby_core_source (~> 1.1.3)
    debugger-linecache (1.1.2)
      debugger-ruby_core_source (>= 1.1.1)
    debugger-ruby_core_source (1.1.3)
    diff-lcs (1.1.3)
    guard (1.4.0)
      listen (>= 0.4.2)
      thor (>= 0.14.6)
    guard-rspec (0.7.3)
      guard (>= 0.10.0)
    i18n (0.6.1)
    listen (0.5.2)
    mince (2.0.0.pre)
    mongo (1.5.2)
      bson (= 1.5.2)
    multi_json (1.3.6)
    rake (0.9.2.2)
    redcarpet (2.1.1)
    rspec (2.8.0.rc1)
      rspec-core (= 2.8.0.rc1)
      rspec-expectations (= 2.8.0.rc1)
      rspec-mocks (= 2.8.0.rc1)
    rspec-core (2.8.0.rc1)
    rspec-expectations (2.8.0.rc1)
      diff-lcs (~> 1.1.2)
    rspec-mocks (2.8.0.rc1)
    thor (0.16.0)
    yard (0.8.2.1)

PLATFORMS
  ruby

DEPENDENCIES
  debugger (~> 1.2)
  guard-rspec (~> 0.6)
  mince (= 2.0.0.pre)
  mingo!
  rake (~> 0.9)
  redcarpet (~> 2.1)
  rspec (~> 2.0)
  yard (~> 0.7)
